PATH
  remote: .
  specs:
    wikitext (4.6)

GEM
  remote: https://rubygems.org/
  specs:
    diff-lcs (1.2.5)
    rake (12.3.3)
    rspec (2.99.0)
      rspec-core (~> 2.99.0)
      rspec-expectations (~> 2.99.0)
      rspec-mocks (~> 2.99.0)
    rspec-core (2.99.2)
    rspec-expectations (2.99.2)
      diff-lcs (>= 1.1.3, < 2.0)
    rspec-mocks (2.99.4)
    thor (0.17.0)
    wopen3 (0.3)
    yard (0.9.16)

PLATFORMS
  ruby

DEPENDENCIES
  rake (~> 12.3)
  rspec (~> 2.13)
  thor (~> 0.17.0)
  wikitext!
  wopen3 (~> 0.3)
  yard (~> 0.9)

BUNDLED WITH
   1.17.2
